GEM
  remote: https://rubygems.org/
  specs:
    addressable (2.7.0)
      public_suffix (>= 2.0.2, < 5.0)
    byebug (11.0.1)
    crack (0.4.3)
      safe_yaml (~> 1.0.0)
    faraday (0.17.0)
      multipart-post (>= 1.2, < 3)
    hashdiff (1.0.0)
    minitest (5.13.0)
    multipart-post (2.1.1)
    public_suffix (4.0.1)
    rake (13.0.1)
    safe_yaml (1.0.5)
    webmock (3.7.6)
      addressable (>= 2.3.6)
      crack (>= 0.3.2)
      hashdiff (>= 0.4.0, < 2.0.0)

PLATFORMS
  ruby

DEPENDENCIES
  byebug
  faraday
  minitest
  rake
  webmock

BUNDLED WITH
   2.0.2
